GEM
  remote: https://rubygems.org/
  specs:
    concurrent-ruby (1.2.2)
    connection_pool (2.4.0)
    mock_redis (0.22.0)
    rack (3.0.7)
    redis-client (0.14.1)
      connection_pool
    sidekiq (7.0.8)
      concurrent-ruby (< 2)
      connection_pool (>= 2.3.0)
      rack (>= 2.2.4)
      redis-client (>= 0.11.0)

PLATFORMS
  ruby

DEPENDENCIES
  mock_redis (~> 0.19)
  sidekiq (~> 7.0)

BUNDLED WITH
   1.17.3
