GEM
  remote: https://rubygems.org/
  specs:
    connection_pool (2.2.5)
    mock_redis (0.22.0)
    rack (2.2.6.2)
    redis (4.5.1)
    sidekiq (6.4.0)
      connection_pool (>= 2.2.2)
      rack (~> 2.0)
      redis (>= 4.2.0)

PLATFORMS
  ruby

DEPENDENCIES
  mock_redis (~> 0.19)
  sidekiq (~> 6.4)

BUNDLED WITH
   1.17.3
