GEM
  remote: https://rubygems.org/
  specs:
    concurrent-ruby (1.2.2)
    connection_pool (2.4.1)
    mock_redis (0.22.0)
    rack (3.0.8)
    redis-client (0.17.0)
      connection_pool
    sidekiq (7.1.3)
      concurrent-ruby (< 2)
      connection_pool (>= 2.3.0)
      rack (>= 2.2.4)
      redis-client (>= 0.14.0)

PLATFORMS
  ruby

DEPENDENCIES
  mock_redis (~> 0.19)
  sidekiq (~> 7.1)

BUNDLED WITH
   1.17.3
